GEM
  remote: https://rubygems.org/
  specs:
    minitest (5.20.0)

PLATFORMS
  x86_64-linux

DEPENDENCIES
  minitest

RUBY VERSION
   ruby 2.6.5p114

BUNDLED WITH
   2.2.3
